GEM
  remote: https://rubygems.org/
  specs:
    apiaryio (0.1.1)
      rack (>= 1.4.0, < 1.6.0)
      rake
      rest-client (~> 1.6.7)
    chunky_png (1.3.1)
    compass (0.12.6)
      chunky_png (~> 1.2)
      fssm (>= 0.2.7)
      sass (~> 3.2.19)
    fssm (0.2.10)
    mime-types (2.3)
    rack (1.5.2)
    rake (13.0.1)
    rest-client (1.6.7)
      mime-types (>= 1.16)
    sass (3.2.19)

PLATFORMS
  ruby

DEPENDENCIES
  apiaryio
  compass
